GEM
  remote: http://rubygems.org/
  specs:
    aws-sdk (1.6.5)
      httparty (~> 0.7)
      json (~> 1.4)
      nokogiri (>= 1.4.4)
      uuidtools (~> 2.1)
    git (1.2.5)
    httparty (0.8.3)
      multi_json (~> 1.0)
      multi_xml
    jeweler (1.5.2)
      bundler (~> 1.0.0)
      git (>= 1.2.5)
      rake
    json (1.7.5)
    multi_json (1.3.6)
    multi_xml (0.5.1)
    nokogiri (1.5.5)
    rake (0.8.7)
    rcov (0.9.9)
    shoulda (2.11.3)
    uuidtools (2.1.3)

PLATFORMS
  ruby

DEPENDENCIES
  aws-sdk
  bundler (~> 1.0.0)
  jeweler (~> 1.5.2)
  rcov
  shoulda
